GEM
  remote: http://rubygems.org/
  specs:
    em-ftpd (0.0.1)
      eventmachine (~> 1.0.0.beta1)
    eventmachine (1.0.0.rc.4)
    trollop (1.16.2)

PLATFORMS
  ruby

DEPENDENCIES
  em-ftpd
  trollop
